GIT
  remote: https://github.com/openregister/registers-ruby-client.git
  revision: 2e6edd4f2f15ac2801d33262713198135f7ebcfd
  tag: v0.3.0
  specs:
    registers-ruby-client (0.3.0)
      mini_cache (~> 1.1.0)
      rest-client (~> 2)

GEM
  remote: https://rubygems.org/
  specs:
    domain_name (0.5.20170404)
      unf (>= 0.0.5, < 1.0.0)
    http-cookie (1.0.3)
      domain_name (~> 0.5)
    mime-types (3.1)
      mime-types-data (~> 3.2015)
    mime-types-data (3.2016.0521)
    mini_cache (1.1.0)
    netrc (0.11.0)
    rest-client (2.0.2)
      http-cookie (>= 1.0.2, < 2.0)
      mime-types (>= 1.16, < 4.0)
      netrc (~> 0.8)
    unf (0.1.4)
      unf_ext
    unf_ext (0.0.7.4)

PLATFORMS
  ruby

DEPENDENCIES
  registers-ruby-client!

BUNDLED WITH
   1.16.0
